GIT
  remote: git://github.com/Burgestrand/Hallon.git
  revision: 1c7ef59aa0cd1497736c5c4fab9915e53efd5d05
  specs:
    hallon (0.13.0)
      ref (~> 1.0)
      spotify (~> 10.3.0)

GEM
  remote: http://rubygems.org/
  specs:
    ffi (1.0.11)
    hallon-openal (0.0.3)
      hallon (~> 0.13)
    redis (2.2.2)
    ref (1.0.0)
    spotify (10.3.0)
      ffi (~> 1.0, >= 1.0.11)

PLATFORMS
  ruby

DEPENDENCIES
  hallon!
  hallon-openal
  redis
